PATH
  remote: ../pivotal-tracker-gem
  specs:
    pivotal-tracker (0.4.1)
      builder
      builder
      happymapper (>= 0.3.2)
      happymapper (>= 0.3.2)
      nokogiri (>= 1.4.3)
      rest-client (~> 1.6.0)
      rest-client (~> 1.6.0)

GEM
  remote: http://rubygems.org/
  specs:
    activesupport (3.0.11)
    addressable (2.2.6)
    agilezen (0.2.0)
      faraday (~> 0.5.4)
      faraday_middleware (~> 0.3.0)
      hashie (~> 0.4.0)
      multi_json (~> 0.0.5)
    builder (3.0.0)
    faraday (0.5.7)
      addressable (~> 2.2.4)
      multipart-post (~> 1.1.0)
      rack (>= 1.1.0, < 2)
    faraday_middleware (0.3.2)
      faraday (~> 0.5.4)
    happymapper (0.4.0)
      libxml-ruby (~> 2.0)
    hashie (0.4.0)
    i18n (0.6.0)
    libxml-ruby (2.2.2)
    mime-types (1.17.2)
    multi_json (0.0.5)
    multipart-post (1.1.4)
    nokogiri (1.5.0)
    rack (1.3.5)
    rest-client (1.6.7)
      mime-types (>= 1.16)

PLATFORMS
  ruby

DEPENDENCIES
  activesupport
  agilezen
  i18n
  pivotal-tracker!
